PATH
  remote: .
  specs:
    simp-beaker-helpers (1.35.1)
      beaker (>= 4.17.0, < 7.0.0)
      beaker-docker (>= 0.8.3, < 3.0.0)
      beaker-puppet (>= 1.18.14, < 5.0.0)
      beaker-rspec (~> 8.0)
      beaker-vagrant (>= 0.6.4, < 2.0.0)
      docker-api (>= 2.1.0, < 3.0.0)
      highline (>= 2.0, < 4.0.0)
      nokogiri (~> 1.8)

GEM
  remote: https://rubygems.org/
  specs:
    ansi (1.5.0)
    ast (2.4.3)
    base64 (0.2.0)
    bcrypt_pbkdf (1.1.1)
    beaker (6.7.0)
      base64 (~> 0.2.0)
      bcrypt_pbkdf (>= 1.0, < 2.0)
      beaker-hostgenerator (~> 2.0)
      benchmark (>= 0.3, < 0.5)
      ed25519 (>= 1.2, < 2.0)
      hocon (~> 1.0)
      in-parallel (>= 0.1, < 2.0)
      inifile (~> 3.0)
      minitar (>= 0.12, < 2)
      minitest (~> 5.4)
      net-scp (>= 1.2, < 5.0)
      net-ssh (~> 7.1)
      rexml (~> 3.2, >= 3.2.5)
      rsync (~> 1.0.9)
      stringify-hash (~> 0.0)
      thor (>= 1.0.1, < 2.0)
    beaker-docker (2.6.0)
      beaker (>= 4, < 7)
      docker-api (~> 2.3)
      excon (>= 1.2.5, < 2, != 1.2.6)
      stringify-hash (~> 0.0.0)
    beaker-hostgenerator (2.24.0)
      deep_merge (~> 1.0)
    beaker-puppet (4.2.0)
      beaker (>= 5.0, < 7)
      oga (~> 3.4)
    beaker-rspec (8.3.0)
      beaker (>= 4.0, < 7)
      rspec (~> 3.0)
      serverspec (~> 2)
      specinfra (~> 2)
    beaker-vagrant (1.4.0)
      beaker (>= 4, < 7)
    beaker-windows (0.6.2)
    beaker_puppet_helpers (2.2.0)
      base64 (~> 0.2.0)
      beaker (>= 5.8.1, < 7)
      benchmark (~> 0.4.0)
      puppet-modulebuilder (>= 0.3, < 3)
    benchmark (0.4.1)
    byebug (11.1.3)
    coderay (1.1.3)
    concurrent-ruby (1.3.5)
    deep_merge (1.2.2)
    diff-lcs (1.6.2)
    docker-api (2.4.0)
      excon (>= 0.64.0)
      multi_json
    ed25519 (1.4.0)
    excon (1.2.7)
      logger
    facter (4.10.0)
      hocon (~> 1.3)
      thor (>= 1.0.1, < 1.3)
    fast_gettext (3.1.0)
      prime
    forwardable (1.3.3)
    getoptlong (0.2.1)
    highline (3.1.2)
      reline
    hocon (1.4.0)
    in-parallel (1.0.1)
    inifile (3.0.0)
    io-console (0.8.0)
    json (2.12.2)
    language_server-protocol (3.17.0.5)
    locale (2.1.4)
    logger (1.7.0)
    method_source (1.1.0)
    minitar (1.0.2)
    minitest (5.25.5)
    mocha (2.7.1)
      ruby2_keywords (>= 0.0.5)
    multi_json (1.15.0)
    net-scp (4.1.0)
      net-ssh (>= 2.6.5, < 8.0.0)
    net-ssh (7.3.0)
    net-telnet (0.2.0)
    nokogiri (1.18.8-aarch64-linux-gnu)
      racc (~> 1.4)
    nokogiri (1.18.8-aarch64-linux-musl)
      racc (~> 1.4)
    nokogiri (1.18.8-arm-linux-gnu)
      racc (~> 1.4)
    nokogiri (1.18.8-arm-linux-musl)
      racc (~> 1.4)
    nokogiri (1.18.8-x86_64-linux-gnu)
      racc (~> 1.4)
    nokogiri (1.18.8-x86_64-linux-musl)
      racc (~> 1.4)
    oga (3.4)
      ast
      ruby-ll (~> 2.1)
    parallel (1.27.0)
    parser (3.3.8.0)
      ast (~> 2.4.1)
      racc
    pathspec (2.1.0)
    prime (0.1.3)
      forwardable
      singleton
    prism (1.4.0)
    pry (0.14.2)
      coderay (~> 1.1)
      method_source (~> 1.0)
    pry-byebug (3.10.1)
      byebug (~> 11.0)
      pry (>= 0.13, < 0.15)
    puppet (8.10.0)
      concurrent-ruby (~> 1.0)
      deep_merge (~> 1.0)
      facter (>= 4.3.0, < 5)
      fast_gettext (>= 2.1, < 4)
      getoptlong (~> 0.2.0)
      locale (~> 2.1)
      multi_json (~> 1.13)
      puppet-resource_api (~> 1.5)
      scanf (~> 1.0)
      semantic_puppet (~> 1.0)
    puppet-lint (4.3.0)
    puppet-modulebuilder (2.1.0)
      minitar (>= 0.9, < 2)
      pathspec (>= 0.2.1, < 3.0.0)
    puppet-resource_api (1.9.0)
      hocon (>= 1.0)
    puppet-syntax (4.1.1)
      puppet (>= 7, < 9)
      rake (~> 13.1)
    puppetlabs_spec_helper (7.4.0)
      mocha (>= 1.0, < 3)
      pathspec (>= 0.2, < 3)
      puppet-lint (~> 4.0)
      puppet-syntax (~> 4.1, >= 4.1.1)
      rspec-github (~> 2.0)
      rspec-puppet (~> 5.0)
    racc (1.8.1)
    rainbow (3.1.1)
    rake (13.3.0)
    regexp_parser (2.10.0)
    reline (0.6.1)
      io-console (~> 0.5)
    rexml (3.4.1)
    rspec (3.13.1)
      rspec-core (~> 3.13.0)
      rspec-expectations (~> 3.13.0)
      rspec-mocks (~> 3.13.0)
    rspec-core (3.13.4)
      rspec-support (~> 3.13.0)
    rspec-expectations (3.13.5)
      diff-lcs (>= 1.2.0, < 2.0)
      rspec-support (~> 3.13.0)
    rspec-github (2.4.0)
      rspec-core (~> 3.0)
    rspec-its (2.0.0)
      rspec-core (>= 3.13.0)
      rspec-expectations (>= 3.13.0)
    rspec-mocks (3.13.5)
      diff-lcs (>= 1.2.0, < 2.0)
      rspec-support (~> 3.13.0)
    rspec-puppet (5.0.0)
      rspec (~> 3.0)
    rspec-support (3.13.4)
    rsync (1.0.9)
    rubocop (1.69.2)
      json (~> 2.3)
      language_server-protocol (>= 3.17.0)
      parallel (~> 1.10)
      parser (>= 3.3.0.2)
      rainbow (>= 2.2.2, < 4.0)
      regexp_parser (>= 2.9.3, < 3.0)
      rubocop-ast (>= 1.36.2, < 2.0)
      ruby-progressbar (~> 1.7)
      unicode-display_width (>= 2.4.0, < 4.0)
    rubocop-ast (1.45.1)
      parser (>= 3.3.7.2)
      prism (~> 1.4)
    rubocop-performance (1.23.1)
      rubocop (>= 1.48.1, < 2.0)
      rubocop-ast (>= 1.31.1, < 2.0)
    rubocop-rake (0.6.0)
      rubocop (~> 1.0)
    rubocop-rspec (3.3.0)
      rubocop (~> 1.61)
    ruby-ll (2.1.3)
      ansi
      ast
    ruby-progressbar (1.13.0)
    ruby2_keywords (0.0.5)
    scanf (1.0.0)
    semantic_puppet (1.1.1)
    serverspec (2.43.0)
      multi_json
      rspec (~> 3.0)
      rspec-its
      specinfra (~> 2.72)
    sfl (2.3)
    singleton (0.3.0)
    specinfra (2.94.0)
      base64
      net-scp
      net-ssh (>= 2.7)
      net-telnet
      sfl
    stringify-hash (0.0.2)
    thor (1.2.2)
    unicode-display_width (3.1.4)
      unicode-emoji (~> 4.0, >= 4.0.4)
    unicode-emoji (4.0.4)

PLATFORMS
  aarch64-linux-gnu
  aarch64-linux-musl
  arm-linux-gnu
  arm-linux-musl
  x86_64-linux-gnu
  x86_64-linux-musl

DEPENDENCIES
  bcrypt_pbkdf
  beaker (>= 4.28.1, < 7.0.0)
  beaker-rspec
  beaker-windows
  beaker_puppet_helpers
  ed25519
  net-ssh
  pry-byebug (~> 3.10.0)
  puppet (>= 7.0.0, < 9.0.0)
  puppetlabs_spec_helper (>= 4.0.0, < 8.0.0)
  rake
  rubocop (~> 1.69.2)
  rubocop-performance (~> 1.23.0)
  rubocop-rake (~> 0.6.0)
  rubocop-rspec (~> 3.3.0)
  simp-beaker-helpers!

BUNDLED WITH
   2.5.22
